GEM
  remote: https://rubygems.org/
  specs:
    nio4r (2.5.4)
    puma (4.3.6)
      nio4r (~> 2.0)

PLATFORMS
  ruby

DEPENDENCIES
  puma (~> 4.1)

RUBY VERSION
   ruby 2.7.2p137

BUNDLED WITH
   2.1.4
